GEM
  remote: https://rubygems.org/
  specs:
    docile (1.4.0)
    simplecov (0.21.2)
      docile (~> 1.1)
      simplecov-html (~> 0.11)
      simplecov_json_formatter (~> 0.1)
    simplecov-html (0.12.3)
    simplecov_json_formatter (0.1.4)

PLATFORMS
  arm64-darwin-21

DEPENDENCIES
  simplecov

RUBY VERSION
   ruby 3.1.2p20

BUNDLED WITH
   2.3.7
